GEM
  remote: http://rubygems.org/
  specs:
    diff-lcs (1.1.2)
    git (1.2.5)
    highline (1.6.1)
    jeweler (1.5.2)
      bundler (~> 1.0.0)
      git (>= 1.2.5)
      rake
    json (1.5.1)
    nokogiri (1.4.4)
    oauth (0.4.4)
    rake (0.8.7)
    rcov (0.9.9)
    rspec (2.3.0)
      rspec-core (~> 2.3.0)
      rspec-expectations (~> 2.3.0)
      rspec-mocks (~> 2.3.0)
    rspec-core (2.3.1)
    rspec-expectations (2.3.0)
      diff-lcs (~> 1.1.2)
    rspec-mocks (2.3.0)
    rubytter (1.4.2)
      json (>= 1.1.3)
      oauth (>= 0.3.6)

PLATFORMS
  ruby

DEPENDENCIES
  bundler (~> 1.0.0)
  highline (>= 1.5.0)
  jeweler (~> 1.5.2)
  nokogiri
  rcov
  rspec (~> 2.3.0)
  rubytter
